GEM
  remote: https://rubygems.org/
  specs:
    gserver (0.0.1)
    net-http-server (0.2.2)
      parslet (~> 1.0)
    parslet (1.8.2)

PLATFORMS
  ruby

DEPENDENCIES
  gserver
  net-http-server

RUBY VERSION
   ruby 2.6.2p47

BUNDLED WITH
   2.0.1
